PATH
  remote: .
  specs:
    AdventureRL (0.0.0)
      gosu (~> 0.13.3)

GEM
  remote: https://rubygems.org/
  specs:
    awesome_print (1.8.0)
    byebug (10.0.2)
    gosu (0.13.3)
    minitest (5.11.3)
    rake (10.5.0)
    rdoc (6.0.4)
    simple-benchmark (1.0.0)

PLATFORMS
  ruby

DEPENDENCIES
  AdventureRL!
  awesome_print
  bundler (~> 1.16)
  byebug
  minitest (~> 5.0)
  rake (~> 10.0)
  rdoc (~> 6.0)
  simple-benchmark

BUNDLED WITH
   1.16.2
