GIT
  remote: https://github.com/Noah2610/ArgumentParser
  revision: 3ac5b0083fd42ae8740d1d22d988f56c74a29470
  specs:
    argument_parser (1.0.0)

PATH
  remote: .
  specs:
    AdventureRL (0.0.0)
      gosu (~> 0.13.3)

GEM
  remote: https://rubygems.org/
  specs:
    awesome_print (1.8.0)
    byebug (10.0.2)
    gosu (0.13.3)
    minitest (5.11.3)
    rake (10.5.0)
    rdoc (6.0.4)
    virb (0.1.1)

PLATFORMS
  ruby

DEPENDENCIES
  AdventureRL!
  argument_parser!
  awesome_print
  bundler (~> 1.16)
  byebug
  minitest (~> 5.0)
  rake (~> 10.0)
  rdoc (~> 6.0)
  virb

BUNDLED WITH
   1.16.2
