GIT
  remote: https://github.com/Noah2610/ArgumentParser
  revision: 3ac5b0083fd42ae8740d1d22d988f56c74a29470
  specs:
    argument_parser (1.0.0)

PATH
  remote: .
  specs:
    adventure_rl (0.0.0)
      gosu (~> 0.13.3)

GEM
  remote: https://rubygems.org/
  specs:
    awesome_print (1.8.0)
    byebug (10.0.2)
    docile (1.3.1)
    gosu (0.13.3)
    json (2.1.0)
    minitest (5.11.3)
    rake (10.5.0)
    rdoc (6.0.4)
    simplecov (0.16.1)
      docile (~> 1.1)
      json (>= 1.8, < 3)
      simplecov-html (~> 0.10.0)
    simplecov-html (0.10.2)
    virb (0.1.1)

PLATFORMS
  ruby

DEPENDENCIES
  adventure_rl!
  argument_parser!
  awesome_print
  bundler (~> 1.16)
  byebug
  minitest (~> 5.0)
  rake (~> 10.0)
  rdoc (~> 6.0)
  simplecov
  virb

BUNDLED WITH
   1.16.3
